GIT
  remote: https://github.com/livingsocial/rake-pipeline.git
  revision: a75d96fbadcc659a35a0ae59212e0bc60b58cc54
  specs:
    rake-pipeline (0.8.0)
      json
      rake (~> 10.1.0)
      thor

GIT
  remote: https://github.com/wycats/rake-pipeline-web-filters.git
  revision: 7bd283aac83d7c46a8908f089033a6087d7cd68f
  specs:
    rake-pipeline-web-filters (0.6.0)
      rack
      rake-pipeline (~> 0.6)

GEM
  remote: https://rubygems.org/
  specs:
    capistrano (3.4.0)
      i18n
      rake (>= 10.0.0)
      sshkit (~> 1.3)
    capistrano-bundler (1.6.0)
      capistrano (~> 3.1)
    capistrano-maintenance (1.2.1)
      capistrano (>= 3.0)
    capistrano-passenger (0.1.1)
      capistrano (~> 3.0)
    capistrano-rvm (0.1.2)
      capistrano (~> 3.0)
      sshkit (~> 1.2)
    chunky_png (1.3.11)
    compass (1.0.3)
      chunky_png (~> 1.2)
      compass-core (~> 1.0.2)
      compass-import-once (~> 1.0.5)
      rb-fsevent (>= 0.9.3)
      rb-inotify (>= 0.9)
      sass (>= 3.3.13, < 3.5)
    compass-core (1.0.3)
      multi_json (~> 1.0)
      sass (>= 3.3.0, < 3.5)
    compass-import-once (1.0.5)
      sass (>= 3.2, < 3.5)
    concurrent-ruby (1.1.6)
    execjs (2.7.0)
    ffi (1.12.1)
    i18n (1.5.1)
      concurrent-ruby (~> 1.0)
    jslint_on_rails (1.1.1)
    json (2.3.0)
    libv8 (3.16.14.13)
    multi_json (1.14.1)
    net-scp (2.0.0)
      net-ssh (>= 2.6.5, < 6.0.0)
    net-ssh (4.2.0)
    rack (2.1.4.1)
    rake (10.1.1)
    rb-fsevent (0.10.3)
    rb-inotify (0.10.1)
      ffi (~> 1.0)
    ref (2.0.0)
    sass (3.4.25)
    sshkit (1.20.0)
      net-scp (>= 1.1.2)
      net-ssh (>= 2.8.0)
    therubyracer (0.12.2)
      libv8 (~> 3.16.14.0)
      ref
    thor (1.0.1)
    uglifier (4.2.0)
      execjs (>= 0.3.0, < 3)

PLATFORMS
  ruby

DEPENDENCIES
  capistrano (= 3.4.0)
  capistrano-bundler (~> 1.1)
  capistrano-maintenance (~> 1.0)
  capistrano-passenger (~> 0.1.1)
  capistrano-rvm (~> 0.1)
  compass
  jslint_on_rails
  json
  libv8 (= 3.16.14.13)
  rack
  rake-pipeline!
  rake-pipeline-web-filters!
  therubyracer
  uglifier

BUNDLED WITH
   1.17.3
